PATH
  remote: .
  specs:
    tonic (0.0.1)
      compass
      haml
      sass

GEM
  remote: http://rubygems.org/
  specs:
    chunky_png (1.2.5)
    compass (0.12.1)
      chunky_png (~> 1.2)
      fssm (>= 0.2.7)
      sass (~> 3.1)
    fssm (0.2.8.1)
    haml (3.1.4)
    rake (0.9.2.2)
    sass (3.1.15)

PLATFORMS
  ruby

DEPENDENCIES
  rake
  tonic!
